PATH
  remote: .
  specs:
    socialfred (0.1.0)
      faraday (>= 0.9.0)
      json (~> 2.2)

GEM
  remote: https://rubygems.org/
  specs:
    ast (2.4.0)
    diff-lcs (1.3)
    faraday (0.17.0)
      multipart-post (>= 1.2, < 3)
    jaro_winkler (1.5.3)
    json (2.2.0)
    multipart-post (2.1.1)
    parallel (1.18.0)
    parser (2.6.5.0)
      ast (~> 2.4.0)
    rainbow (3.0.0)
    rake (10.5.0)
    rspec (3.9.0)
      rspec-core (~> 3.9.0)
      rspec-expectations (~> 3.9.0)
      rspec-mocks (~> 3.9.0)
    rspec-core (3.9.0)
      rspec-support (~> 3.9.0)
    rspec-expectations (3.9.0)
      diff-lcs (>= 1.2.0, < 2.0)
      rspec-support (~> 3.9.0)
    rspec-mocks (3.9.0)
      diff-lcs (>= 1.2.0, < 2.0)
      rspec-support (~> 3.9.0)
    rspec-support (3.9.0)
    rubocop (0.76.0)
      jaro_winkler (~> 1.5.1)
      parallel (~> 1.10)
      parser (>= 2.6)
      rainbow (>= 2.2.2, < 4.0)
      ruby-progressbar (~> 1.7)
      unicode-display_width (>= 1.4.0, < 1.7)
    ruby-progressbar (1.10.1)
    unicode-display_width (1.6.0)

PLATFORMS
  ruby

DEPENDENCIES
  bundler (~> 2.0)
  rake (~> 10.0)
  rspec (~> 3.0)
  rubocop (~> 0.76)
  socialfred!

BUNDLED WITH
   2.0.2
